PATH
  remote: .
  specs:
    factual-api (1.3.19)
      json (~> 2.0, >= 2.0)
      oauth (~> 0.4.4, >= 0.4.4)

GEM
  remote: https://rubygems.org/
  specs:
    json (2.0.3)
    oauth (0.4.7)
    rspec (0.9.4)

PLATFORMS
  ruby

DEPENDENCIES
  factual-api!
  rspec (~> 0)

BUNDLED WITH
   1.13.6
